GIT
  remote: https://github.com/creative-workflow/capistrano-pm2
  revision: dbce40fa3cf43dd2f6aa7cf436e027190533cc3f
  specs:
    capistrano-pm2 (1.0.4)
      capistrano (>= 3.0.0)

GEM
  remote: http://rubygems.org/
  specs:
    airbrussh (1.3.1)
      sshkit (>= 1.6.1, != 1.7.0)
    capistrano (3.11.0)
      airbrussh (>= 1.0.0)
      i18n
      rake (>= 10.0.0)
      sshkit (>= 1.9.0)
    capistrano-npm (1.0.3)
      capistrano (>= 3.0.0)
    concurrent-ruby (1.1.4)
    i18n (1.5.3)
      concurrent-ruby (~> 1.0)
    net-scp (1.2.1)
      net-ssh (>= 2.6.5)
    net-ssh (5.1.0)
    rake (13.0.1)
    sshkit (1.18.0)
      net-scp (>= 1.1.2)
      net-ssh (>= 2.8.0)

PLATFORMS
  ruby

DEPENDENCIES
  capistrano
  capistrano-npm
  capistrano-pm2!

RUBY VERSION
   ruby 2.6.0p0

BUNDLED WITH
   1.17.2
